GEM
  remote: https://rubygems.org/
  specs:
    diff-lcs (1.3)
    excon (0.71.0)
    json (2.2.0)
    json_pure (1.8.6)
    mime (0.4.4)
    multi_json (1.13.1)
    packagecloud-ruby (1.0.8)
      excon (~> 0.40)
      json_pure (~> 1)
      mime (~> 0.4)
      multi_json (~> 1.0)
    rspec (3.8.0)
      rspec-core (~> 3.8.0)
      rspec-expectations (~> 3.8.0)
      rspec-mocks (~> 3.8.0)
    rspec-core (3.8.2)
      rspec-support (~> 3.8.0)
    rspec-expectations (3.8.4)
      diff-lcs (>= 1.2.0, < 2.0)
      rspec-support (~> 3.8.0)
    rspec-mocks (3.8.1)
      diff-lcs (>= 1.2.0, < 2.0)
      rspec-support (~> 3.8.0)
    rspec-support (3.8.2)

PLATFORMS
  ruby

DEPENDENCIES
  json (~> 2.2)
  packagecloud-ruby (~> 1.0.8)
  rspec (~> 3.8)

BUNDLED WITH
   2.0.2
